GEM
  remote: https://rubygems.org/
  specs:
    rack (2.0.3)
    roda (2.29.0)
      rack
    tus-server (1.1.1)
      roda (~> 2.19)

PLATFORMS
  ruby

DEPENDENCIES
  rack
  tus-server

BUNDLED WITH
   1.14.6
